GEM
  remote: https://rubygems.org/
  specs:
    erubis (2.7.0)
    foreman (0.78.0)
      thor (~> 0.19.1)
    rack (1.6.4)
    rack-cors (0.4.0)
    rack-protection (1.5.3)
      rack
    sinatra (1.4.6)
      rack (~> 1.4)
      rack-protection (~> 1.4)
      tilt (>= 1.3, < 3)
    thor (0.19.1)
    tilt (2.0.1)

PLATFORMS
  ruby

DEPENDENCIES
  erubis
  foreman
  rack-cors
  sinatra

BUNDLED WITH
   1.10.6
